GIT
  remote: git://github.com/gma/nesta.git
  revision: 064e46ccd6e5787698644f3174065cebe6350c35
  specs:
    nesta (0.10.0)
      RedCloth (~> 4.2)
      haml (~> 3.1)
      rack (~> 1.3)
      rdiscount (~> 2.1)
      sass (~> 3.1)
      sinatra (~> 1.4)

GEM
  remote: http://rubygems.org/
  specs:
    RedCloth (4.2.9)
    chunky_png (1.2.9)
    compass (0.12.2)
      chunky_png (~> 1.2)
      fssm (>= 0.2.7)
      sass (~> 3.1)
    fssm (0.2.10)
    haml (3.1.8)
    mini_portile (0.5.3)
    nokogiri (1.6.1)
      mini_portile (~> 0.5.0)
    plist (3.1.0)
    rack (1.5.2)
    rack-codehighlighter (0.5.0)
      nokogiri (>= 1.4.1)
      rack (>= 1.0.0)
    rack-protection (1.5.3)
      rack
    rdiscount (2.1.7.1)
    sass (3.2.14)
    sinatra (1.4.5)
      rack (~> 1.4)
      rack-protection (~> 1.4)
      tilt (~> 1.3, >= 1.3.4)
    susy (1.0.9)
      compass (>= 0.12.2)
      sass (>= 3.2.0)
    textpow (1.3.1)
      plist (>= 3.0.1)
    tilt (1.4.1)
    ultraviolet (1.0.1)
      textpow (>= 1.3.0)

PLATFORMS
  ruby

DEPENDENCIES
  compass (= 0.12.2)
  nesta!
  rack-codehighlighter
  susy (= 1.0.9)
  ultraviolet
